GEM
  remote: https://rubygems.org/
  specs:
    minitest (5.8.2)
    rack (1.6.4)
    rack-protection (1.5.3)
      rack
    rack-test (0.6.3)
      rack (>= 1.0)
    rake (10.4.2)
    sinatra (1.4.6)
      rack (~> 1.4)
      rack-protection (~> 1.4)
      tilt (>= 1.3, < 3)
    tilt (2.0.1)

PLATFORMS
  ruby

DEPENDENCIES
  minitest (~> 5.8.1)
  rack (~> 1.6.4)
  rack-test
  rake
  sinatra (~> 1.4.6)
  tilt (~> 2.0.1)

BUNDLED WITH
   1.10.6
